GIT
  remote: git://github.com/rsim/mondrian-olap.git
  revision: 0191f283afb3ffb2279725f2c3a3f05463cbf79a
  branch: master
  specs:
    mondrian-olap (0.3.0-java)
      nokogiri (~> 1.5.0)

GEM
  remote: http://rubygems.org/
  specs:
    activemodel (3.2.6)
      activesupport (= 3.2.6)
      builder (~> 3.0.0)
    activerecord (3.2.6)
      activemodel (= 3.2.6)
      activesupport (= 3.2.6)
      arel (~> 3.0.2)
      tzinfo (~> 0.3.29)
    activerecord-jdbc-adapter (1.2.2)
    activerecord-jdbcmysql-adapter (1.2.2)
      activerecord-jdbc-adapter (~> 1.2.2)
      jdbc-mysql (~> 5.1.0)
    activesupport (3.2.6)
      i18n (~> 0.6)
      multi_json (~> 1.0)
    addressable (2.2.8)
    amq-client (0.9.4)
      amq-protocol (>= 0.9.4)
      eventmachine
    amq-protocol (0.9.4)
    amqp (0.9.7)
      amq-client (~> 0.9.4)
      amq-protocol (>= 0.9.4)
      eventmachine
    arel (3.0.2)
    bouncy-castle-java (1.5.0146.1)
    builder (3.0.0)
    coderay (1.0.7)
    columnize (0.3.6)
    database_cleaner (0.8.0)
    diff-lcs (1.1.3)
    eventmachine (0.12.10)
    eventmachine (0.12.10-java)
    excon (0.15.4)
    ffi (1.0.11)
    ffi (1.0.11-java)
    foreman (0.53.0)
      thor (>= 0.13.6)
    foreman (0.53.0-java)
      posix-spawn (~> 0.3.6)
      thor (>= 0.13.6)
    grape (0.2.1)
      hashie (~> 1.2)
      multi_json
      multi_xml
      rack
      rack-mount
    growl (1.0.3)
    guard (1.2.3)
      listen (>= 0.4.2)
      thor (>= 0.14.6)
    guard-jruby-rspec (0.1.3)
      guard (>= 0.10.0)
      guard-rspec (>= 0.7.3)
    guard-rspec (1.2.0)
      guard (>= 1.1)
    guard-spork (1.1.0)
      guard (>= 1.1)
      spork (>= 0.8.4)
    hashie (1.2.0)
    heroku (2.30.0)
      heroku-api (~> 0.3.1)
      launchy (>= 0.3.2)
      netrc (~> 0.7.5)
      rest-client (~> 1.6.1)
      rubyzip
    heroku-api (0.3.1)
      excon (~> 0.15.4)
    httparty (0.8.3)
      multi_json (~> 1.0)
      multi_xml
    i18n (0.6.0)
    jdbc-mysql (5.1.13)
    jruby-openssl (0.7.7)
      bouncy-castle-java (>= 1.5.0146.1)
    json (1.5.0)
    json (1.5.0-java)
    json-jruby (1.5.0-java)
      json (= 1.5.0)
    launchy (2.1.0)
      addressable (~> 2.2.6)
    launchy (2.1.0-java)
      addressable (~> 2.2.6)
      ffi (~> 1.0.9)
      spoon (~> 0.0.1)
    linecache (0.46-java)
    listen (0.4.7)
      rb-fchange (~> 0.0.5)
      rb-fsevent (~> 0.9.1)
      rb-inotify (~> 0.8.8)
    method_source (0.8)
    mime-types (1.19)
    multi_json (1.3.6)
    multi_xml (0.5.1)
    mysql2 (0.3.11)
    netrc (0.7.5)
    nokogiri (1.5.5)
    nokogiri (1.5.5-java)
    oj (1.3.0)
    posix-spawn (0.3.6)
    pry (0.9.10)
      coderay (~> 1.0.5)
      method_source (~> 0.8)
      slop (~> 3.3.1)
    pry (0.9.10-java)
      coderay (~> 1.0.5)
      method_source (~> 0.8)
      slop (~> 3.3.1)
      spoon (~> 0.0)
    pry-doc (0.4.4)
      pry (>= 0.9.9.6)
      yard (~> 0.8.1)
    puma (1.5.0)
      rack (~> 1.2)
    puma (1.5.0-java)
      rack (~> 1.2)
    rack (1.4.1)
    rack-mount (0.8.3)
      rack (>= 1.0.0)
    rack-test (0.6.1)
      rack (>= 1.0)
    rake (0.9.2.2)
    rb-fchange (0.0.5)
      ffi
    rb-fsevent (0.9.1)
    rb-inotify (0.8.8)
      ffi (>= 0.5.0)
    rest-client (1.6.7)
      mime-types (>= 1.16)
    rspec (2.11.0)
      rspec-core (~> 2.11.0)
      rspec-expectations (~> 2.11.0)
      rspec-mocks (~> 2.11.0)
    rspec-core (2.11.1)
    rspec-expectations (2.11.2)
      diff-lcs (~> 1.1.3)
    rspec-mocks (2.11.1)
    ruby-debug (0.10.4)
      columnize (>= 0.1)
      ruby-debug-base (~> 0.10.4.0)
    ruby-debug-base (0.10.4)
      linecache (>= 0.3)
    ruby-debug-base (0.10.4-java)
    rubyzip (0.9.9)
    slop (3.3.2)
    spoon (0.0.1)
    spork (1.0.0rc3)
    thor (0.15.4)
    tzinfo (0.3.33)
    yard (0.8.2.1)

PLATFORMS
  java

DEPENDENCIES
  activerecord
  activerecord-jdbc-adapter
  activerecord-jdbcmysql-adapter
  activesupport
  amqp
  database_cleaner
  foreman
  grape
  growl
  guard
  guard-jruby-rspec
  guard-rspec
  guard-spork
  heroku
  httparty
  jdbc-mysql
  jruby-openssl
  json-jruby
  mondrian-olap!
  mysql2
  oj
  pry
  pry-doc
  puma
  rack
  rack-test
  rake
  rspec
  ruby-debug
  spork (~> 1.0rc)
